PATH
  remote: .
  specs:
    em-minecraft (0.0.1)
      eventmachine (~> 1.0.0.beta.3)

GEM
  remote: http://rubygems.org/
  specs:
    eventmachine (1.0.0.beta.4)
    rake (0.9.2.2)

PLATFORMS
  ruby

DEPENDENCIES
  em-minecraft!
  eventmachine (~> 1.0.0.beta.3)
  rake
